GEM
  remote: https://rubygems.org/
  specs:
    dish (0.0.6)
    ostruct (0.3.1)

PLATFORMS
  ruby

DEPENDENCIES
  dish (~> 0.0.6)
  ostruct (~> 0.3.1)

BUNDLED WITH
   2.1.2
