GEM
  remote: https://rubygems.org/
  specs:
    dish (0.0.6)
    httparty (0.18.1)
      mime-types (~> 3.0)
      multi_xml (>= 0.5.2)
    mime-types (3.3.1)
      mime-types-data (~> 3.2015)
    mime-types-data (3.2020.1104)
    multi_xml (0.6.0)
    ostruct (0.3.1)

PLATFORMS
  ruby

DEPENDENCIES
  dish (~> 0.0.6)
  httparty (~> 0.18.1)
  ostruct (~> 0.3.1)

BUNDLED WITH
   2.1.2
